GEM
  remote: http://rubygems.org/
  specs:
    addressable (2.3.6)
    bond (0.5.1)
    bson (1.8.6)
    bson_ext (1.8.6)
      bson (~> 1.8.6)
    daemons (1.1.9)
    eventmachine (1.0.3)
    excon (0.42.1)
    faraday (0.8.9)
      multipart-post (~> 1.2.0)
    haml (4.0.6)
      tilt
    heroku (3.20.0)
      heroku-api (~> 0.3.19)
      launchy (>= 0.3.2)
      multi_json (~> 1.10.1)
      netrc (>= 0.10.0)
      rest-client (= 1.6.7)
      rubyzip (= 0.9.9)
    heroku-api (0.3.21)
      excon (~> 0.38)
      multi_json (~> 1.8)
    launchy (2.4.3)
      addressable (~> 2.3)
    mime-types (2.4.3)
    mongo (1.8.6)
      bson (~> 1.8.6)
    mongo_connector (0.0.1.pre)
      bson_ext (~> 1.8.2)
      mongo (~> 1.6)
    multi_json (1.10.1)
    multipart-post (1.2.0)
    netrc (0.10.0)
    newrelic_rpm (3.9.8.273)
    rack (1.5.2)
    rack-protection (1.5.3)
      rack
    rack-test (0.6.2)
      rack (>= 1.0)
    rest-client (1.6.7)
      mime-types (>= 1.16)
    ripl (0.7.1)
      bond (~> 0.5.1)
    ripl-multi_line (0.3.1)
      ripl (>= 0.3.6)
    ripl-rack (0.2.1)
      rack (>= 1.0)
      rack-test (~> 0.6.2)
      ripl (>= 0.7.0)
    ruby-xslt (0.9.9)
    rubyzip (0.9.9)
    sinatra (1.4.5)
      rack (~> 1.4)
      rack-protection (~> 1.4)
      tilt (~> 1.3, >= 1.3.4)
    thin (1.6.3)
      daemons (~> 1.0, >= 1.0.9)
      eventmachine (~> 1.0)
      rack (~> 1.0)
    tilt (1.4.1)
    tux (0.3.0)
      ripl (>= 0.3.5)
      ripl-multi_line (>= 0.2.4)
      ripl-rack (>= 0.2.0)
      sinatra (>= 1.2.1)

PLATFORMS
  ruby

DEPENDENCIES
  bson_ext
  bundler
  faraday (~> 0.8.2)
  haml
  heroku
  mongo
  mongo_connector
  newrelic_rpm
  ruby-xslt
  sinatra
  thin
  tux
