GEM
  remote: http://rubygems.org/
  specs:
    addressable (2.2.8)
    bson (1.6.4)
    bson_ext (1.6.4)
      bson (~> 1.6.4)
    daemons (1.1.8)
    eventmachine (0.12.10)
    excon (0.14.3)
    faraday (0.8.2)
      multipart-post (~> 1.1)
    haml (3.1.7)
    heroku (2.28.10)
      heroku-api (~> 0.2.7)
      launchy (>= 0.3.2)
      netrc (~> 0.7.5)
      rest-client (~> 1.6.1)
      rubyzip
    heroku-api (0.2.7)
      excon (~> 0.14.3)
    launchy (2.1.0)
      addressable (~> 2.2.6)
    mime-types (1.19)
    mongo (1.6.4)
      bson (~> 1.6.4)
    multipart-post (1.1.5)
    netrc (0.7.5)
    rack (1.4.1)
    rack-protection (1.2.0)
      rack
    rest-client (1.6.7)
      mime-types (>= 1.16)
    ruby-xslt (0.9.9)
    rubyzip (0.9.9)
    sinatra (1.3.2)
      rack (~> 1.3, >= 1.3.6)
      rack-protection (~> 1.2)
      tilt (~> 1.3, >= 1.3.3)
    thin (1.4.1)
      daemons (>= 1.0.9)
      eventmachine (>= 0.12.6)
      rack (>= 1.0.0)
    tilt (1.3.3)

PLATFORMS
  ruby

DEPENDENCIES
  bson_ext
  bundler
  faraday (~> 0.8.2)
  haml
  heroku
  mongo
  ruby-xslt
  sinatra
  thin
